GEM
  remote: https://rubygems.org/
  specs:
    asciidoctor (2.0.10)
    asciidoctor-diagram (1.5.18)
      asciidoctor (>= 1.5.0, < 3.x)
    rouge (3.7.0)

PLATFORMS
  ruby

DEPENDENCIES
  asciidoctor
  asciidoctor-diagram
  rouge

BUNDLED WITH
   1.16.1
